STORAGE: NONE
RESTRICTION: == net9.0
NUGET
  remote: https://api.nuget.org/v3/index.json
    Bolero (0.24.39)
      Elmish (>= 4.0.1 < 5.0)
      FSharp.Core (>= 6.0)
      FSharp.SystemTextJson (>= 0.19.13)
      Microsoft.AspNetCore.Components (>= 8.0)
      Microsoft.AspNetCore.Components.WebAssembly (>= 8.0)
      Microsoft.Extensions.Http (>= 6.0)
      Microsoft.JSInterop.WebAssembly (>= 8.0)
    Bolero.Build (0.24.39)
    Bolero.HotReload (0.24.5)
      Bolero (>= 0.24.38)
      FSharp.Core (>= 6.0)
      HtmlAgilityPack (>= 1.11.39)
      Microsoft.AspNetCore.SignalR.Client (>= 6.0)
    DynamicInterop (0.9.1)
    DynamicObj (2.0)
      FSharp.Core (>= 6.0.2)
      Newtonsoft.Json (>= 13.0.1)
    Elmish (4.2)
    FSharp.Core (8.0.401)
    FSharp.Data (6.4)
      FSharp.Core (>= 6.0.1)
      FSharp.Data.Csv.Core (>= 6.4)
      FSharp.Data.Html.Core (>= 6.4)
      FSharp.Data.Http (>= 6.4)
      FSharp.Data.Json.Core (>= 6.4)
      FSharp.Data.Runtime.Utilities (>= 6.4)
      FSharp.Data.WorldBank.Core (>= 6.4)
      FSharp.Data.Xml.Core (>= 6.4)
    FSharp.Data.Csv.Core (6.4)
      FSharp.Core (>= 6.0.1)
      FSharp.Data.Runtime.Utilities (>= 6.4)
    FSharp.Data.Html.Core (6.4)
      FSharp.Core (>= 6.0.1)
      FSharp.Data.Csv.Core (>= 6.4)
      FSharp.Data.Runtime.Utilities (>= 6.4)
    FSharp.Data.Http (6.4)
      FSharp.Core (>= 6.0.1)
    FSharp.Data.Json.Core (6.4)
      FSharp.Core (>= 6.0.1)
      FSharp.Data.Http (>= 6.4)
      FSharp.Data.Runtime.Utilities (>= 6.4)
    FSharp.Data.Runtime.Utilities (6.4)
      FSharp.Core (>= 6.0.1)
      FSharp.Data.Http (>= 6.4)
    FSharp.Data.WorldBank.Core (6.4)
      FSharp.Core (>= 6.0.1)
      FSharp.Data.Http (>= 6.4)
      FSharp.Data.Json.Core (>= 6.4)
      FSharp.Data.Runtime.Utilities (>= 6.4)
    FSharp.Data.Xml.Core (6.4)
      FSharp.Core (>= 6.0.1)
      FSharp.Data.Http (>= 6.4)
      FSharp.Data.Json.Core (>= 6.4)
      FSharp.Data.Runtime.Utilities (>= 6.4)
    FSharp.SystemTextJson (1.3.13)
      FSharp.Core (>= 4.7)
      System.Text.Json (>= 6.0)
    Giraffe.ViewEngine.StrongName (2.0.0-alpha1)
      FSharp.Core (>= 6.0.7)
    HtmlAgilityPack (1.11.71)
    MarkDig (0.39)
    MaxRev.Gdal.Core (3.10.0.306)
    MaxRev.Gdal.MacosRuntime.Minimal.arm64 (3.10.0.306)
    Microsoft.AspNetCore.Authorization (9.0)
      Microsoft.AspNetCore.Metadata (>= 9.0)
      Microsoft.Extensions.Logging.Abstractions (>= 9.0)
      Microsoft.Extensions.Options (>= 9.0)
    Microsoft.AspNetCore.Components (9.0)
      Microsoft.AspNetCore.Authorization (>= 9.0)
      Microsoft.AspNetCore.Components.Analyzers (>= 9.0)
    Microsoft.AspNetCore.Components.Analyzers (9.0)
    Microsoft.AspNetCore.Components.Forms (9.0)
      Microsoft.AspNetCore.Components (>= 9.0)
    Microsoft.AspNetCore.Components.Web (9.0)
      Microsoft.AspNetCore.Components (>= 9.0)
      Microsoft.AspNetCore.Components.Forms (>= 9.0)
      Microsoft.Extensions.DependencyInjection (>= 9.0)
      Microsoft.Extensions.Primitives (>= 9.0)
      Microsoft.JSInterop (>= 9.0)
    Microsoft.AspNetCore.Components.WebAssembly (9.0)
      Microsoft.AspNetCore.Components.Web (>= 9.0)
      Microsoft.Extensions.Configuration.Binder (>= 9.0)
      Microsoft.Extensions.Configuration.Json (>= 9.0)
      Microsoft.Extensions.Logging (>= 9.0)
      Microsoft.JSInterop.WebAssembly (>= 9.0)
    Microsoft.AspNetCore.Components.WebAssembly.DevServer (9.0)
    Microsoft.AspNetCore.Connections.Abstractions (9.0)
      Microsoft.Extensions.Features (>= 9.0)
    Microsoft.AspNetCore.Http.Connections.Client (9.0)
      Microsoft.AspNetCore.Http.Connections.Common (>= 9.0)
      Microsoft.Extensions.Logging.Abstractions (>= 9.0)
      Microsoft.Extensions.Options (>= 9.0)
      System.Net.ServerSentEvents (>= 9.0)
    Microsoft.AspNetCore.Http.Connections.Common (9.0)
      Microsoft.AspNetCore.Connections.Abstractions (>= 9.0)
    Microsoft.AspNetCore.Metadata (9.0)
    Microsoft.AspNetCore.SignalR.Client (9.0)
      Microsoft.AspNetCore.Http.Connections.Client (>= 9.0)
      Microsoft.AspNetCore.SignalR.Client.Core (>= 9.0)
    Microsoft.AspNetCore.SignalR.Client.Core (9.0)
      Microsoft.AspNetCore.SignalR.Common (>= 9.0)
      Microsoft.AspNetCore.SignalR.Protocols.Json (>= 9.0)
      Microsoft.Extensions.DependencyInjection (>= 9.0)
      Microsoft.Extensions.Logging (>= 9.0)
      System.Threading.Channels (>= 9.0)
    Microsoft.AspNetCore.SignalR.Common (9.0)
      Microsoft.AspNetCore.Connections.Abstractions (>= 9.0)
      Microsoft.Extensions.Options (>= 9.0)
    Microsoft.AspNetCore.SignalR.Protocols.Json (9.0)
      Microsoft.AspNetCore.SignalR.Common (>= 9.0)
    Microsoft.CSharp (4.7)
    Microsoft.Extensions.Configuration (9.0)
      Microsoft.Extensions.Configuration.Abstractions (>= 9.0)
      Microsoft.Extensions.Primitives (>= 9.0)
    Microsoft.Extensions.Configuration.Abstractions (9.0)
      Microsoft.Extensions.Primitives (>= 9.0)
    Microsoft.Extensions.Configuration.Binder (9.0)
      Microsoft.Extensions.Configuration.Abstractions (>= 9.0)
    Microsoft.Extensions.Configuration.FileExtensions (9.0)
      Microsoft.Extensions.Configuration (>= 9.0)
      Microsoft.Extensions.Configuration.Abstractions (>= 9.0)
      Microsoft.Extensions.FileProviders.Abstractions (>= 9.0)
      Microsoft.Extensions.FileProviders.Physical (>= 9.0)
      Microsoft.Extensions.Primitives (>= 9.0)
    Microsoft.Extensions.Configuration.Json (9.0)
      Microsoft.Extensions.Configuration (>= 9.0)
      Microsoft.Extensions.Configuration.Abstractions (>= 9.0)
      Microsoft.Extensions.Configuration.FileExtensions (>= 9.0)
      Microsoft.Extensions.FileProviders.Abstractions (>= 9.0)
    Microsoft.Extensions.DependencyInjection (9.0)
      Microsoft.Extensions.DependencyInjection.Abstractions (>= 9.0)
    Microsoft.Extensions.DependencyInjection.Abstractions (9.0)
    Microsoft.Extensions.Diagnostics (9.0)
      Microsoft.Extensions.Configuration (>= 9.0)
      Microsoft.Extensions.Diagnostics.Abstractions (>= 9.0)
      Microsoft.Extensions.Options.ConfigurationExtensions (>= 9.0)
    Microsoft.Extensions.Diagnostics.Abstractions (9.0)
      Microsoft.Extensions.DependencyInjection.Abstractions (>= 9.0)
      Microsoft.Extensions.Options (>= 9.0)
    Microsoft.Extensions.Features (9.0)
    Microsoft.Extensions.FileProviders.Abstractions (9.0)
      Microsoft.Extensions.Primitives (>= 9.0)
    Microsoft.Extensions.FileProviders.Physical (9.0)
      Microsoft.Extensions.FileProviders.Abstractions (>= 9.0)
      Microsoft.Extensions.FileSystemGlobbing (>= 9.0)
      Microsoft.Extensions.Primitives (>= 9.0)
    Microsoft.Extensions.FileSystemGlobbing (9.0)
    Microsoft.Extensions.Http (9.0)
      Microsoft.Extensions.Configuration.Abstractions (>= 9.0)
      Microsoft.Extensions.DependencyInjection.Abstractions (>= 9.0)
      Microsoft.Extensions.Diagnostics (>= 9.0)
      Microsoft.Extensions.Logging (>= 9.0)
      Microsoft.Extensions.Logging.Abstractions (>= 9.0)
      Microsoft.Extensions.Options (>= 9.0)
    Microsoft.Extensions.Logging (9.0)
      Microsoft.Extensions.DependencyInjection (>= 9.0)
      Microsoft.Extensions.Logging.Abstractions (>= 9.0)
      Microsoft.Extensions.Options (>= 9.0)
    Microsoft.Extensions.Logging.Abstractions (9.0)
      Microsoft.Extensions.DependencyInjection.Abstractions (>= 9.0)
    Microsoft.Extensions.Options (9.0)
      Microsoft.Extensions.DependencyInjection.Abstractions (>= 9.0)
      Microsoft.Extensions.Primitives (>= 9.0)
    Microsoft.Extensions.Options.ConfigurationExtensions (9.0)
      Microsoft.Extensions.Configuration.Abstractions (>= 9.0)
      Microsoft.Extensions.Configuration.Binder (>= 9.0)
      Microsoft.Extensions.DependencyInjection.Abstractions (>= 9.0)
      Microsoft.Extensions.Options (>= 9.0)
      Microsoft.Extensions.Primitives (>= 9.0)
    Microsoft.Extensions.Primitives (9.0)
    Microsoft.FSharpLu.Json (0.11.7)
      FSharp.Core (>= 4.5.4)
      Newtonsoft.Json (>= 10.0.3)
    Microsoft.JSInterop (9.0)
    Microsoft.JSInterop.WebAssembly (9.0)
      Microsoft.JSInterop (>= 9.0)
    Microsoft.Win32.Registry (5.0)
      System.Security.AccessControl (>= 5.0)
      System.Security.Principal.Windows (>= 5.0)
    Newtonsoft.Json (13.0.3)
    PipeMethodCalls (4.0.2)
    Plotly.NET (5.1)
      DynamicObj (>= 2.0 < 3.0)
      FSharp.Core (>= 8.0.400)
      Giraffe.ViewEngine.StrongName (>= 2.0.0-alpha1)
      Newtonsoft.Json (>= 13.0.1)
    R.NET (1.9)
      DynamicInterop (>= 0.9.1)
      Microsoft.CSharp (>= 4.5)
      Microsoft.Win32.Registry (>= 4.5)
    R.NET.FSharp (1.9)
      DynamicInterop (>= 0.9.1)
      FSharp.Core (>= 4.6.2)
      R.NET (>= 1.9)
    RProvider (2.1)
      FSharp.Core (>= 4.6.2)
      Newtonsoft.Json (>= 13.0.1)
      PipeMethodCalls (>= 3.0.4)
      R.NET (>= 1.9)
      R.NET.FSharp (>= 1.9)
      System.ComponentModel.Composition (>= 5.0)
      System.Reflection.MetadataLoadContext (>= 5.0)
    System.ComponentModel.Composition (2010.2.11.1)
    System.Net.ServerSentEvents (9.0)
    System.Reflection.MetadataLoadContext (8.0.1)
    System.Security.AccessControl (6.0.1)
    System.Security.Principal.Windows (5.0)
    System.Text.Json (9.0)
    System.Threading.Channels (9.0)
GITHUB
  remote: AndrewIOM/biodiversity-graph-db
    FULLPROJECT (6b23d54ab66e833b76fde3dcbbdf1ede264fdefa)